GEM
  remote: http://rubygems.org/
  specs:
    faraday (0.13.1)
      multipart-post (>= 1.2, < 3)
    mail (2.7.0)
      mini_mime (>= 0.1.1)
    mini_mime (1.0.0)
    multipart-post (2.0.0)
    mustermann (1.0.1)
    pony (1.11)
      mail (>= 2.0)
    rack (2.0.3)
    rack-protection (2.0.0)
      rack
    ruby_http_client (3.3.0)
    sendgrid-ruby (5.2.0)
      ruby_http_client (~> 3.2)
      sinatra (>= 1.4.7, < 3)
    sinatra (2.0.0)
      mustermann (~> 1.0)
      rack (~> 2.0)
      rack-protection (= 2.0.0)
      tilt (~> 2.0)
    stripe (3.8.0)
      faraday (~> 0.10)
    tilt (2.0.8)

PLATFORMS
  ruby

DEPENDENCIES
  pony (~> 1.11)
  sendgrid-ruby
  sinatra
  stripe

BUNDLED WITH
   1.16.0
